PATH
  remote: .
  specs:
    jekyll-asset-pipeline (1.0.0)
      activesupport
      jekyll (~> 4.0.0)

GEM
  remote: https://rubygems.org/
  specs:
    activesupport (6.0.3.1)
      concurrent-ruby (~> 1.0, >= 1.0.2)
      i18n (>= 0.7, < 2)
      minitest (~> 5.1)
      tzinfo (~> 1.1)
      zeitwerk (~> 2.2, >= 2.2.2)
    addressable (2.7.0)
      public_suffix (>= 2.0.2, < 5.0)
    coderay (1.1.2)
    colorator (1.1.0)
    concurrent-ruby (1.1.6)
    diff-lcs (1.3)
    em-websocket (0.5.1)
      eventmachine (>= 0.12.9)
      http_parser.rb (~> 0.6.0)
    eventmachine (1.2.7)
    ffi (1.12.1)
    forwardable-extended (2.6.0)
    http_parser.rb (0.6.0)
    i18n (1.8.2)
      concurrent-ruby (~> 1.0)
    jekyll (4.0.0)
      addressable (~> 2.4)
      colorator (~> 1.0)
      em-websocket (~> 0.5)
      i18n (>= 0.9.5, < 2)
      jekyll-sass-converter (~> 2.0)
      jekyll-watch (~> 2.0)
      kramdown (~> 2.1)
      kramdown-parser-gfm (~> 1.0)
      liquid (~> 4.0)
      mercenary (~> 0.3.3)
      pathutil (~> 0.9)
      rouge (~> 3.0)
      safe_yaml (~> 1.0)
      terminal-table (~> 1.8)
    jekyll-sass-converter (2.0.1)
      sassc (> 2.0.1, < 3.0)
    jekyll-watch (2.2.1)
      listen (~> 3.0)
    kramdown (2.1.0)
    kramdown-parser-gfm (1.1.0)
      kramdown (~> 2.0)
    liquid (4.0.3)
    listen (3.2.1)
      rb-fsevent (~> 0.10, >= 0.10.3)
      rb-inotify (~> 0.9, >= 0.9.10)
    mercenary (0.3.6)
    method_source (0.9.2)
    minitest (5.14.1)
    pathutil (0.16.2)
      forwardable-extended (~> 2.6)
    pry (0.12.2)
      coderay (~> 1.1.0)
      method_source (~> 0.9.0)
    public_suffix (4.0.3)
    rake (10.5.0)
    rb-fsevent (0.10.3)
    rb-inotify (0.10.1)
      ffi (~> 1.0)
    rouge (3.15.0)
    rspec (3.9.0)
      rspec-core (~> 3.9.0)
      rspec-expectations (~> 3.9.0)
      rspec-mocks (~> 3.9.0)
    rspec-core (3.9.1)
      rspec-support (~> 3.9.1)
    rspec-expectations (3.9.0)
      diff-lcs (>= 1.2.0, < 2.0)
      rspec-support (~> 3.9.0)
    rspec-mocks (3.9.1)
      diff-lcs (>= 1.2.0, < 2.0)
      rspec-support (~> 3.9.0)
    rspec-support (3.9.2)
    safe_yaml (1.0.5)
    sassc (2.2.1)
      ffi (~> 1.9)
    terminal-table (1.8.0)
      unicode-display_width (~> 1.1, >= 1.1.1)
    thread_safe (0.3.6)
    tzinfo (1.2.7)
      thread_safe (~> 0.1)
    unicode-display_width (1.6.1)
    zeitwerk (2.3.0)

PLATFORMS
  ruby

DEPENDENCIES
  bundler (~> 2.0.1)
  jekyll-asset-pipeline!
  pry
  rake (~> 10.0)
  rspec (~> 3.0)

BUNDLED WITH
   2.0.2
